GIT
  remote: git://github.com/therabidbanana/addressable.git
  revision: 6139fe2d874fd86ecd189daa21017090fd6710a7
  specs:
    addressable (2.2.8)

GEM
  remote: http://rubygems.org/
  specs:
    httparty (0.8.3)
      multi_json (~> 1.0)
      multi_xml
    multi_json (1.3.5)
    multi_xml (0.5.1)
    rack (1.4.1)
    rack-protection (1.2.0)
      rack
    redcarpet (2.1.1)
    sinatra (1.3.2)
      rack (~> 1.3, >= 1.3.6)
      rack-protection (~> 1.2)
      tilt (~> 1.3, >= 1.3.3)
    sinatra-partial (0.3.0)
      sinatra
    slim (1.2.1)
      temple (~> 0.4.0)
      tilt (~> 1.3.3)
    temple (0.4.0)
    tilt (1.3.3)

PLATFORMS
  ruby

DEPENDENCIES
  addressable!
  httparty
  redcarpet
  sinatra
  sinatra-partial
  slim
